GEM
  remote: https://rubygems.org/
  specs:
    cane (3.0.0)
      parallel
    diff-lcs (1.3)
    parallel (1.11.1)
    rake (12.0.0)
    rake_tasks (5.1.0)
      rake
    rspec (3.5.0)
      rspec-core (~> 3.5.0)
      rspec-expectations (~> 3.5.0)
      rspec-mocks (~> 3.5.0)
    rspec-core (3.5.4)
      rspec-support (~> 3.5.0)
    rspec-expectations (3.5.0)
      diff-lcs (>= 1.2.0, < 2.0)
      rspec-support (~> 3.5.0)
    rspec-mocks (3.5.0)
      diff-lcs (>= 1.2.0, < 2.0)
      rspec-support (~> 3.5.0)
    rspec-support (3.5.0)
    ruby_deep_clone (0.7.2)

PLATFORMS
  ruby

DEPENDENCIES
  cane
  rake_tasks
  rspec
  ruby_deep_clone

BUNDLED WITH
   1.14.4
